GEM
  remote: https://rubygems.org/
  specs:
    libv8-node (16.10.0.0)
    libv8-node (16.10.0.0-x86_64-linux)
    mini_racer (0.6.0)
      libv8-node (~> 16.10.0.0)

PLATFORMS
  ruby
  x86_64-linux

DEPENDENCIES
  mini_racer

BUNDLED WITH
   2.2.33
